NUGET
  remote: https://nuget.org/api/v2
  specs:
    FAKE (3.25.2)
    NUnit (2.6.4)
